GEM
  remote: http://rubygems.org/
  specs:
    asdf (0.5.0)
      rack (~> 1.2.1)
    commonjs (0.2.6)
    cri (2.2.1)
    fssm (0.2.8.1)
    haml (3.1.4)
    kramdown (0.13.5)
    less (2.2.1)
      commonjs (~> 0.2.6)
    libv8 (3.3.10.4)
    mime-types (1.17.2)
    nanoc (3.3.6)
      cri (~> 2.2)
    nokogiri (1.5.0)
    rack (1.2.5)
    rainpress (1.0)
    stringex (1.4.0)
    systemu (2.5.0)
    therubyracer (0.10.1)
      libv8 (~> 3.3.10)

PLATFORMS
  ruby

DEPENDENCIES
  asdf
  fssm
  haml
  kramdown
  less
  mime-types
  nanoc
  nokogiri
  rainpress
  stringex
  systemu
  therubyracer
