GEM
  remote: http://rubygems.org/
  specs:
    asdf (0.5.0)
      rack (~> 1.2.1)
    binding_of_caller (0.7.2)
      debug_inspector (>= 0.0.1)
    celluloid (0.16.0)
      timers (~> 4.0.0)
    coderay (1.1.0)
    colored (1.2)
    cri (2.6.1)
      colored (~> 1.2)
    debug_inspector (0.0.2)
    execjs (2.3.0)
    ffi (1.9.6)
    formatador (0.2.5)
    guard (2.10.4)
      formatador (>= 0.2.4)
      listen (~> 2.7)
      lumberjack (~> 1.0)
      nenv (~> 0.1)
      pry (>= 0.9.12)
      thor (>= 0.18.1)
    guard-nanoc (1.0.3)
      guard (~> 2.8)
      nanoc (~> 3.6)
    haml (3.1.7)
    hike (1.2.3)
    hitimes (1.2.2)
    json (1.8.2)
    kramdown (0.14.0)
    listen (2.8.4)
      celluloid (>= 0.15.2)
      rb-fsevent (>= 0.9.3)
      rb-inotify (>= 0.9)
    lumberjack (1.0.9)
    method_source (0.8.2)
    mime-types (1.19)
    multi_json (1.10.1)
    nanoc (3.7.4)
      cri (~> 2.3)
    nenv (0.1.1)
    nokogiri (1.5.5)
    pry (0.10.1)
      coderay (~> 1.1.0)
      method_source (~> 0.8.1)
      slop (~> 3.4)
    pry-stack_explorer (0.4.9.2)
      binding_of_caller (>= 0.7)
      pry (>= 0.9.11)
    rack (1.2.5)
    rainpress (1.0)
    rake (10.4.2)
    rb-fsevent (0.9.4)
    rb-inotify (0.9.5)
      ffi (>= 0.5.0)
    redcarpet (3.2.2)
    rouge (1.7.4)
    sass (3.4.9)
    sass-css-importer (1.0.0.beta.0)
      sass (>= 3.1)
    slop (3.6.0)
    sprockets (2.12.3)
      hike (~> 1.2)
      multi_json (~> 1.0)
      rack (~> 1.0)
      tilt (~> 1.1, != 1.3.0)
    stringex (1.4.0)
    systemu (2.5.2)
    thor (0.19.1)
    tilt (1.4.1)
    timers (4.0.1)
      hitimes
    uglifier (2.7.0)
      execjs (>= 0.3.0)
      json (>= 1.8.0)

PLATFORMS
  ruby

DEPENDENCIES
  asdf
  guard-nanoc (~> 1.0.3)
  haml
  kramdown
  mime-types
  nanoc (~> 3.7.4)
  nokogiri
  pry (~> 0.10.1)
  pry-stack_explorer (~> 0.4.9.2)
  rainpress
  rake (~> 10.4.2)
  redcarpet (~> 3.2.2)
  rouge (~> 1.7.4)
  sass (~> 3.4.9)
  sass-css-importer (~> 1.0.0.beta.0)
  sprockets (~> 2.12.3)
  stringex
  systemu
  uglifier (~> 2.7.0)
